PATH
  remote: ../tabula-extractor
  specs:
    tabula-extractor (0.7.2-java)
      trollop (~> 2.0)

GEM
  remote: https://rubygems.org/
  specs:
    cuba (3.1.0)
      rack
    jruby-jars (1.7.10)
    jruby-rack (1.1.13.3)
    rack (1.5.2)
    rake (10.1.1)
    rubyzip (1.0.0)
    rufus-lru (1.0.5)
    tabula-extractor (0.7.2-java)
      trollop (~> 2.0)
    tilt (2.0.0)
    trollop (2.0)
    warbler (1.4.0)
      jruby-jars (>= 1.5.6)
      jruby-rack (>= 1.0.0)
      rake (>= 0.9.6)
      rubyzip (>= 0.9, < 1.1)

PLATFORMS
  java

DEPENDENCIES
  cuba
  rack
  rake
  rufus-lru
<<<<<<< Updated upstream
  tabula-extractor (~> 0.7.2)
=======
  tabula-extractor (~> 0.7.2)!
>>>>>>> Stashed changes
  tilt
  warbler
