GEM
  remote: https://rubygems.org/
  specs:
    algorithms (0.6.1)
    algorithms (0.6.1-java)
    cuba (3.1.0)
      rack
    foreman (0.60.2)
      thor (>= 0.13.6)
    jruby-jars (1.7.3)
    jruby-rack (1.1.13.2)
    minitest (4.6.2)
    mono_logger (1.0.0)
    multi_json (1.7.2)
    nokogiri (1.5.6)
    nokogiri (1.5.6-java)
    rack (1.5.2)
    rack-protection (1.5.0)
      rack
    rake (10.0.3)
    redis (3.0.3)
    redis-namespace (1.2.1)
      redis (~> 3.0.0)
    resque (1.24.1)
      mono_logger (~> 1.0)
      multi_json (~> 1.0)
      redis-namespace (~> 1.2)
      sinatra (>= 0.9.2)
      vegas (~> 0.1.2)
    resque-status (0.4.1)
      resque (~> 1.19)
    ruby-opencv (0.0.8)
    rubyzip (0.9.9)
    sinatra (1.4.2)
      rack (~> 1.5, >= 1.5.2)
      rack-protection (~> 1.4)
      tilt (~> 1.3, >= 1.3.4)
    thor (0.16.0)
    tilt (1.3.6)
    vegas (0.1.11)
      rack (>= 1.0.0)
    warbler (1.3.6)
      jruby-jars (>= 1.4.0)
      jruby-rack (>= 1.0.0)
      rake (>= 0.8.7)
      rubyzip (>= 0.9.4)

PLATFORMS
  java
  ruby

DEPENDENCIES
  algorithms
  cuba
  foreman
  minitest
  nokogiri
  rack
  rake
  resque (~> 1.24.1)
  resque-status
  ruby-opencv
  warbler
