GEM
  remote: https://rubygems.org/
  specs:
    cuba (3.1.0)
      rack
    jruby-jars (1.7.8)
    jruby-rack (1.1.13.3)
    rack (1.5.2)
    rake (10.1.0)
    rubyzip (1.0.0)
    tabula-extractor (0.6.6-java)
      trollop (~> 2.0)
    tilt (1.4.1)
    trollop (2.0)
    warbler (1.4.0)
      jruby-jars (>= 1.5.6)
      jruby-rack (>= 1.0.0)
      rake (>= 0.9.6)
      rubyzip (>= 0.9, < 1.1)

PLATFORMS
  java

DEPENDENCIES
  cuba
  rack
  rake
  tabula-extractor (~> 0.6.6)
  tilt
  warbler
