GEM
  remote: https://rubygems.org/
  specs:
    cuba (3.3.0)
      rack
    jruby-jars (1.7.16.1)
    jruby-rack (1.1.16)
    rack (1.5.2)
    rake (10.3.2)
    rubyzip (1.0.0)
    rufus-lru (1.0.5)
    tabula-extractor (0.7.5-java)
      trollop (~> 2.0)
    tilt (2.0.1)
    trollop (2.0)
    warbler (1.4.2)
      jruby-jars (>= 1.5.6, < 2.0)
      jruby-rack (>= 1.0.0)
      rake (>= 0.9.6)
      rubyzip (>= 0.9, < 1.1)

PLATFORMS
  java

DEPENDENCIES
  cuba
  rack
  rake
  rufus-lru
  tabula-extractor (~> 0.7.5)
  tilt
  warbler (= 1.4.2)
